GEM
  remote: https://rubygems.org/
  specs:
    byebug (11.1.3)
    colorize (0.8.1)

PLATFORMS
  arm64-darwin-22

DEPENDENCIES
  byebug
  colorize

BUNDLED WITH
   2.4.13
